STORAGE: NONE
RESTRICTION: || (== net462) (== netstandard2.0)
NUGET
  remote: https://www.nuget.org/api/v2
    FSharp.Core (4.3.4)
    Microsoft.NETCore.Platforms (2.1) - restriction: || (&& (== net462) (< net45)) (&& (== net462) (< portable-net45+win8+wp8)) (&& (== net462) (>= uap10.1)) (== netstandard2.0)
    Microsoft.Win32.Registry (4.5)
      System.Buffers (>= 4.4) - restriction: || (&& (== net462) (>= monoandroid)) (&& (== net462) (>= monotouch)) (&& (== net462) (< net46) (>= netstandard2.0)) (&& (== net462) (>= xamarinios)) (&& (== net462) (>= xamarinmac)) (&& (== net462) (>= xamarintvos)) (&& (== net462) (>= xamarinwatchos)) (== netstandard2.0)
      System.Memory (>= 4.5) - restriction: || (&& (== net462) (< net46) (>= netstandard2.0)) (&& (== net462) (>= netcoreapp2.0)) (&& (== net462) (>= uap10.1)) (== netstandard2.0)
      System.Security.AccessControl (>= 4.5)
      System.Security.Principal.Windows (>= 4.5)
    System.Buffers (4.5) - restriction: || (&& (== net462) (>= monoandroid)) (&& (== net462) (>= monotouch)) (&& (== net462) (< net46) (>= netstandard2.0)) (&& (== net462) (>= xamarinios)) (&& (== net462) (>= xamarinmac)) (&& (== net462) (>= xamarintvos)) (&& (== net462) (>= xamarinwatchos)) (== netstandard2.0)
    System.CodeDom (4.5) - restriction: || (&& (== net462) (< net45) (>= netstandard2.0)) (&& (== net462) (>= netcoreapp2.0)) (== netstandard2.0)
    System.Management (4.5)
      System.CodeDom (>= 4.5) - restriction: || (&& (== net462) (< net45) (>= netstandard2.0)) (&& (== net462) (>= netcoreapp2.0)) (== netstandard2.0)
    System.Management.Automation_PowerShell_3.0 (6.3.9600.17400)
    System.Memory (4.5.1) - restriction: || (&& (== net462) (< net46) (>= netstandard2.0)) (&& (== net462) (>= netcoreapp2.0)) (&& (== net462) (>= uap10.1)) (== netstandard2.0)
      System.Buffers (>= 4.4)
      System.Numerics.Vectors (>= 4.4)
      System.Runtime.CompilerServices.Unsafe (>= 4.5)
    System.Numerics.Vectors (4.5) - restriction: || (&& (== net462) (< net45) (>= netstandard2.0)) (&& (== net462) (< net46) (>= netstandard2.0)) (&& (== net462) (>= netcoreapp2.0)) (&& (== net462) (>= uap10.1)) (== netstandard2.0)
    System.Private.ServiceModel (4.5.3) - restriction: || (&& (== net462) (< net45)) (&& (== net462) (< portable-net45+win8+wp8)) (&& (== net462) (>= uap10.1)) (== netstandard2.0)
      Microsoft.NETCore.Platforms (>= 2.1)
      System.Reflection.DispatchProxy (>= 4.5) - restriction: || (&& (== net462) (>= netstandard2.0)) (== netstandard2.0)
      System.Security.Principal.Windows (>= 4.5) - restriction: || (&& (== net462) (>= netstandard2.0)) (== netstandard2.0)
    System.Reflection.DispatchProxy (4.5.1) - restriction: || (&& (== net462) (< net45) (>= netstandard2.0)) (&& (== net462) (>= netstandard2.0) (< portable-net45+win8+wp8)) (&& (== net462) (>= netstandard2.0) (>= uap10.1)) (== netstandard2.0)
    System.Runtime.CompilerServices.Unsafe (4.5.1) - restriction: || (&& (== net462) (>= monoandroid) (>= netstandard2.0)) (&& (== net462) (>= monotouch) (>= netstandard2.0)) (&& (== net462) (< net45) (>= netstandard2.0)) (&& (== net462) (< net46) (>= netstandard2.0)) (&& (== net462) (>= netcoreapp2.0)) (&& (== net462) (< netstandard1.1) (>= netstandard2.0)) (&& (== net462) (>= netstandard2.0) (>= wpa81)) (&& (== net462) (>= netstandard2.0) (>= xamarinios)) (&& (== net462) (>= netstandard2.0) (>= xamarinmac)) (&& (== net462) (>= netstandard2.0) (>= xamarintvos)) (&& (== net462) (>= netstandard2.0) (>= xamarinwatchos)) (&& (== net462) (>= uap10.1)) (== netstandard2.0)
    System.Security.AccessControl (4.5)
      System.Security.Principal.Windows (>= 4.5)
    System.Security.Principal.Windows (4.5)
    System.ServiceModel.Primitives (4.5.3)
      System.Private.ServiceModel (>= 4.5.3) - restriction: || (&& (== net462) (< net45)) (&& (== net462) (< portable-net45+win8+wp8)) (&& (== net462) (>= uap10.1)) (== netstandard2.0)
GITHUB
  remote: fsprojects/FSharp.TypeProviders.SDK
    src/ProvidedTypes.fs (d50b7556cc57c403cd53bd1116027450d60c72db)
    src/ProvidedTypes.fsi (d50b7556cc57c403cd53bd1116027450d60c72db)
GROUP Build
RESTRICTION: == net461
NUGET
  remote: https://www.nuget.org/api/v2
    FAKE (5.3)
    FSharp.Compiler.Service (2.0.0.6)
    FSharp.Core (4.3.4)
    FSharp.Formatting (2.14.4)
      FSharp.Compiler.Service (2.0.0.6)
      FSharpVSPowerTools.Core (>= 2.3 < 2.4)
    FSharpVSPowerTools.Core (2.3)
      FSharp.Compiler.Service (>= 2.0.0.3)
    NuGet.CommandLine (4.7)
    SourceLink.Fake (1.1)

GROUP Test
STORAGE: NONE
RESTRICTION: || (== net462) (== netcoreapp2.0)
NUGET
  remote: https://www.nuget.org/api/v2
    Argu (5.1)
      FSharp.Core (>= 4.0.0.1) - restriction: || (== net462) (&& (== netcoreapp2.0) (>= net45))
      FSharp.Core (>= 4.3.2) - restriction: || (&& (== net462) (< net45) (>= netstandard2.0)) (== netcoreapp2.0)
      System.Configuration.ConfigurationManager (>= 4.4) - restriction: || (&& (== net462) (< net45) (>= netstandard2.0)) (== netcoreapp2.0)
    Expecto (8.2.1)
      Argu (>= 5.1)
      Mono.Cecil (>= 0.10)
      System.Diagnostics.FileVersionInfo (>= 4.3) - restriction: || (&& (== net462) (< net461) (>= netstandard2.0)) (== netcoreapp2.0)
    FSharp.Core (4.3.4)
    Microsoft.NETCore.Platforms (2.1) - restriction: || (&& (== net462) (>= netcoreapp2.0)) (== netcoreapp2.0)
    Microsoft.NETCore.Targets (2.1) - restriction: || (&& (== net462) (< net45) (>= netstandard2.0)) (&& (== net462) (>= netstandard2.0) (< portable-net45+win8+wp8+wpa81)) (== netcoreapp2.0)
    Microsoft.Win32.Registry (4.5) - restriction: || (&& (== net462) (>= netcoreapp2.0)) (== netcoreapp2.0)
      System.Memory (>= 4.5) - restriction: || (&& (== net462) (< net46) (>= netstandard2.0)) (&& (== net462) (>= netcoreapp2.0)) (&& (== net462) (>= uap10.1)) (== netcoreapp2.0)
      System.Security.AccessControl (>= 4.5)
      System.Security.Principal.Windows (>= 4.5)
    Mono.Cecil (0.10)
      System.Collections (>= 4.0.11) - restriction: || (&& (== net462) (< net35)) (== netcoreapp2.0)
      System.IO.FileSystem (>= 4.0.1) - restriction: || (&& (== net462) (< net35)) (== netcoreapp2.0)
      System.IO.FileSystem.Primitives (>= 4.0.1) - restriction: || (&& (== net462) (< net35)) (== netcoreapp2.0)
      System.Reflection (>= 4.1) - restriction: || (&& (== net462) (< net35)) (== netcoreapp2.0)
      System.Runtime.Extensions (>= 4.1) - restriction: || (&& (== net462) (< net35)) (== netcoreapp2.0)
      System.Security.Cryptography.Algorithms (>= 4.2) - restriction: || (&& (== net462) (< net35)) (== netcoreapp2.0)
      System.Security.Cryptography.Csp (>= 4.0) - restriction: || (&& (== net462) (< net35)) (== netcoreapp2.0)
      System.Threading (>= 4.0.11) - restriction: || (&& (== net462) (< net35)) (== netcoreapp2.0)
    runtime.debian.8-x64.runtime.native.System.Security.Cryptography.OpenSsl (4.3.3) - restriction: || (&& (== net462) (< net35) (>= netstandard1.6)) (== netcoreapp2.0)
    runtime.debian.9-x64.runtime.native.System.Security.Cryptography.OpenSsl (4.3.3) - restriction: || (&& (== net462) (< net35) (>= netstandard1.6)) (== netcoreapp2.0)
    runtime.fedora.23-x64.runtime.native.System.Security.Cryptography.OpenSsl (4.3.3) - restriction: || (&& (== net462) (< net35) (>= netstandard1.6)) (== netcoreapp2.0)
    runtime.fedora.24-x64.runtime.native.System.Security.Cryptography.OpenSsl (4.3.3) - restriction: || (&& (== net462) (< net35) (>= netstandard1.6)) (== netcoreapp2.0)
    runtime.fedora.27-x64.runtime.native.System.Security.Cryptography.OpenSsl (4.3.3) - restriction: || (&& (== net462) (< net35) (>= netstandard1.6)) (== netcoreapp2.0)
    runtime.fedora.28-x64.runtime.native.System.Security.Cryptography.OpenSsl (4.3.3) - restriction: || (&& (== net462) (< net35) (>= netstandard1.6)) (== netcoreapp2.0)
    runtime.native.System.Security.Cryptography.Apple (4.3.1) - restriction: || (&& (== net462) (< net35) (>= netstandard1.6)) (== netcoreapp2.0)
      runtime.osx.10.10-x64.runtime.native.System.Security.Cryptography.Apple (>= 4.3.1)
    runtime.native.System.Security.Cryptography.OpenSsl (4.3.3) - restriction: || (&& (== net462) (< net35) (>= netstandard1.6)) (== netcoreapp2.0)
      runtime.debian.8-x64.runtime.native.System.Security.Cryptography.OpenSsl (>= 4.3.3)
      runtime.debian.9-x64.runtime.native.System.Security.Cryptography.OpenSsl (>= 4.3.3)
      runtime.fedora.23-x64.runtime.native.System.Security.Cryptography.OpenSsl (>= 4.3.3)
      runtime.fedora.24-x64.runtime.native.System.Security.Cryptography.OpenSsl (>= 4.3.3)
      runtime.fedora.27-x64.runtime.native.System.Security.Cryptography.OpenSsl (>= 4.3.3)
      runtime.fedora.28-x64.runtime.native.System.Security.Cryptography.OpenSsl (>= 4.3.3)
      runtime.opensuse.13.2-x64.runtime.native.System.Security.Cryptography.OpenSsl (>= 4.3.3)
      runtime.opensuse.42.1-x64.runtime.native.System.Security.Cryptography.OpenSsl (>= 4.3.3)
      runtime.opensuse.42.3-x64.runtime.native.System.Security.Cryptography.OpenSsl (>= 4.3.3)
      runtime.osx.10.10-x64.runtime.native.System.Security.Cryptography.OpenSsl (>= 4.3.3)
      runtime.rhel.7-x64.runtime.native.System.Security.Cryptography.OpenSsl (>= 4.3.3)
      runtime.ubuntu.14.04-x64.runtime.native.System.Security.Cryptography.OpenSsl (>= 4.3.3)
      runtime.ubuntu.16.04-x64.runtime.native.System.Security.Cryptography.OpenSsl (>= 4.3.3)
      runtime.ubuntu.16.10-x64.runtime.native.System.Security.Cryptography.OpenSsl (>= 4.3.3)
      runtime.ubuntu.18.04-x64.runtime.native.System.Security.Cryptography.OpenSsl (>= 4.3.3)
    runtime.opensuse.13.2-x64.runtime.native.System.Security.Cryptography.OpenSsl (4.3.3) - restriction: || (&& (== net462) (< net35) (>= netstandard1.6)) (== netcoreapp2.0)
    runtime.opensuse.42.1-x64.runtime.native.System.Security.Cryptography.OpenSsl (4.3.3) - restriction: || (&& (== net462) (< net35) (>= netstandard1.6)) (== netcoreapp2.0)
    runtime.opensuse.42.3-x64.runtime.native.System.Security.Cryptography.OpenSsl (4.3.3) - restriction: || (&& (== net462) (< net35) (>= netstandard1.6)) (== netcoreapp2.0)
    runtime.osx.10.10-x64.runtime.native.System.Security.Cryptography.Apple (4.3.1) - restriction: || (&& (== net462) (< net35) (>= netstandard1.6)) (== netcoreapp2.0)
    runtime.osx.10.10-x64.runtime.native.System.Security.Cryptography.OpenSsl (4.3.3) - restriction: || (&& (== net462) (< net35) (>= netstandard1.6)) (== netcoreapp2.0)
    runtime.rhel.7-x64.runtime.native.System.Security.Cryptography.OpenSsl (4.3.3) - restriction: || (&& (== net462) (< net35) (>= netstandard1.6)) (== netcoreapp2.0)
    runtime.ubuntu.14.04-x64.runtime.native.System.Security.Cryptography.OpenSsl (4.3.3) - restriction: || (&& (== net462) (< net35) (>= netstandard1.6)) (== netcoreapp2.0)
    runtime.ubuntu.16.04-x64.runtime.native.System.Security.Cryptography.OpenSsl (4.3.3) - restriction: || (&& (== net462) (< net35) (>= netstandard1.6)) (== netcoreapp2.0)
    runtime.ubuntu.16.10-x64.runtime.native.System.Security.Cryptography.OpenSsl (4.3.3) - restriction: || (&& (== net462) (< net35) (>= netstandard1.6)) (== netcoreapp2.0)
    runtime.ubuntu.18.04-x64.runtime.native.System.Security.Cryptography.OpenSsl (4.3.3) - restriction: || (&& (== net462) (< net35) (>= netstandard1.6)) (== netcoreapp2.0)
    System.CodeDom (4.5) - restriction: || (&& (== net462) (< net45) (>= netstandard2.0)) (&& (== net462) (>= netcoreapp2.0)) (== netcoreapp2.0)
    System.Collections (4.3) - restriction: || (&& (== net462) (< net35) (>= netstandard1.6)) (== netcoreapp2.0)
      Microsoft.NETCore.Platforms (>= 1.1) - restriction: || (&& (== net462) (< net45)) (&& (== net462) (< portable-net45+win8+wp8+wpa81)) (== netcoreapp2.0)
      Microsoft.NETCore.Targets (>= 1.1) - restriction: || (&& (== net462) (< net45)) (&& (== net462) (< portable-net45+win8+wp8+wpa81)) (== netcoreapp2.0)
      System.Runtime (>= 4.3) - restriction: || (&& (== net462) (< net45)) (&& (== net462) (< portable-net45+win8+wp8+wpa81)) (== netcoreapp2.0)
    System.Collections.Concurrent (4.3) - restriction: || (&& (== net462) (< net35) (>= net463)) (&& (== net462) (< net35) (< netstandard1.3)) (&& (== net462) (< net35) (>= netstandard1.6)) (== netcoreapp2.0)
      System.Collections (>= 4.3) - restriction: || (&& (== net462) (< net45)) (&& (== net462) (< portable-net45+win8+wpa81)) (== netcoreapp2.0)
      System.Diagnostics.Debug (>= 4.3) - restriction: || (&& (== net462) (< net45)) (&& (== net462) (< portable-net45+win8+wpa81)) (== netcoreapp2.0)
      System.Diagnostics.Tracing (>= 4.3) - restriction: || (&& (== net462) (< net45)) (&& (== net462) (< portable-net45+win8+wpa81)) (== netcoreapp2.0)
      System.Globalization (>= 4.3) - restriction: || (&& (== net462) (< net45)) (&& (== net462) (< portable-net45+win8+wpa81)) (== netcoreapp2.0)
      System.Reflection (>= 4.3) - restriction: || (&& (== net462) (< net45)) (== netcoreapp2.0)
      System.Resources.ResourceManager (>= 4.3) - restriction: || (&& (== net462) (< net45)) (&& (== net462) (< portable-net45+win8+wpa81)) (== netcoreapp2.0)
      System.Runtime (>= 4.3) - restriction: || (&& (== net462) (< net45)) (&& (== net462) (< portable-net45+win8+wpa81)) (== netcoreapp2.0)
      System.Runtime.Extensions (>= 4.3) - restriction: || (&& (== net462) (< net45)) (&& (== net462) (< portable-net45+win8+wpa81)) (== netcoreapp2.0)
      System.Threading (>= 4.3) - restriction: || (&& (== net462) (< net45)) (&& (== net462) (< portable-net45+win8+wpa81)) (== netcoreapp2.0)
      System.Threading.Tasks (>= 4.3) - restriction: || (&& (== net462) (< net45)) (&& (== net462) (< portable-net45+win8+wpa81)) (== netcoreapp2.0)
    System.Collections.Immutable (1.5) - restriction: || (&& (== net462) (< net46) (>= netstandard2.0)) (&& (== net462) (< netstandard1.1) (>= netstandard2.0)) (&& (== net462) (< netstandard1.3) (>= netstandard2.0)) (&& (== net462) (>= netstandard2.0) (>= wpa81)) (== netcoreapp2.0)
    System.Configuration.ConfigurationManager (4.5) - restriction: || (&& (== net462) (< net45) (>= netstandard2.0)) (== netcoreapp2.0)
      System.Security.Cryptography.ProtectedData (>= 4.5) - restriction: || (&& (== net462) (< net461) (>= netstandard2.0)) (== netcoreapp2.0)
      System.Security.Permissions (>= 4.5)
    System.Diagnostics.Debug (4.3) - restriction: || (&& (== net462) (< net35)) (== netcoreapp2.0)
      Microsoft.NETCore.Platforms (>= 1.1) - restriction: || (&& (== net462) (< net45)) (&& (== net462) (< portable-net45+win8+wp8+wpa81)) (== netcoreapp2.0)
      Microsoft.NETCore.Targets (>= 1.1) - restriction: || (&& (== net462) (< net45)) (&& (== net462) (< portable-net45+win8+wp8+wpa81)) (== netcoreapp2.0)
      System.Runtime (>= 4.3) - restriction: || (&& (== net462) (< net45)) (&& (== net462) (< portable-net45+win8+wp8+wpa81)) (== netcoreapp2.0)
    System.Diagnostics.FileVersionInfo (4.3) - restriction: || (&& (== net462) (< net461) (>= netstandard2.0)) (== netcoreapp2.0)
      Microsoft.NETCore.Platforms (>= 1.1) - restriction: || (&& (== net462) (< net46)) (&& (== net462) (< netstandard1.3)) (== netcoreapp2.0)
      System.Globalization (>= 4.3) - restriction: || (&& (== net462) (< net46)) (== netcoreapp2.0)
      System.IO (>= 4.3) - restriction: || (&& (== net462) (< net46)) (&& (== net462) (< netstandard1.3)) (== netcoreapp2.0)
      System.IO.FileSystem (>= 4.3) - restriction: || (&& (== net462) (< net46)) (&& (== net462) (< netstandard1.3)) (== netcoreapp2.0)
      System.IO.FileSystem.Primitives (>= 4.3) - restriction: || (&& (== net462) (< net46)) (&& (== net462) (< netstandard1.3)) (== netcoreapp2.0)
      System.Reflection.Metadata (>= 1.4.1) - restriction: || (&& (== net462) (< net46)) (&& (== net462) (< netstandard1.3)) (== netcoreapp2.0)
      System.Runtime (>= 4.3) - restriction: || (&& (== net462) (< net46)) (&& (== net462) (< netstandard1.3)) (== netcoreapp2.0)
      System.Runtime.Extensions (>= 4.3) - restriction: || (&& (== net462) (< net46)) (&& (== net462) (< netstandard1.3)) (== netcoreapp2.0)
      System.Runtime.InteropServices (>= 4.3) - restriction: || (&& (== net462) (< net46)) (== netcoreapp2.0)
    System.Diagnostics.Tracing (4.3) - restriction: || (&& (== net462) (< net35) (>= net463)) (&& (== net462) (< net35) (< netstandard1.3)) (&& (== net462) (< net35) (>= netstandard1.6)) (&& (== net462) (< net35) (< portable-net45+win8+wpa81)) (== netcoreapp2.0)
      Microsoft.NETCore.Platforms (>= 1.1) - restriction: || (&& (== net462) (< net45)) (&& (== net462) (< portable-net45+win8+wpa81)) (== netcoreapp2.0)
      Microsoft.NETCore.Targets (>= 1.1) - restriction: || (&& (== net462) (< net45)) (&& (== net462) (< portable-net45+win8+wpa81)) (== netcoreapp2.0)
      System.Runtime (>= 4.3) - restriction: || (&& (== net462) (< net45)) (&& (== net462) (< portable-net45+win8+wpa81)) (== netcoreapp2.0)
    System.Globalization (4.3) - restriction: || (&& (== net462) (< net46) (>= netstandard2.0)) (== netcoreapp2.0)
      Microsoft.NETCore.Platforms (>= 1.1) - restriction: || (&& (== net462) (< net45)) (&& (== net462) (< portable-net45+win8+wp8+wpa81)) (== netcoreapp2.0)
      Microsoft.NETCore.Targets (>= 1.1) - restriction: || (&& (== net462) (< net45)) (&& (== net462) (< portable-net45+win8+wp8+wpa81)) (== netcoreapp2.0)
      System.Runtime (>= 4.3) - restriction: || (&& (== net462) (< net45)) (&& (== net462) (< portable-net45+win8+wp8+wpa81)) (== netcoreapp2.0)
    System.IO (4.3) - restriction: || (&& (== net462) (< net46) (>= netstandard2.0)) (&& (== net462) (< netstandard1.3) (>= netstandard2.0)) (== netcoreapp2.0)
      Microsoft.NETCore.Platforms (>= 1.1) - restriction: || (&& (== net462) (< net45)) (&& (== net462) (< portable-net45+win8+wp8+wpa81)) (== netcoreapp2.0)
      Microsoft.NETCore.Targets (>= 1.1) - restriction: || (&& (== net462) (< net45)) (&& (== net462) (< portable-net45+win8+wp8+wpa81)) (== netcoreapp2.0)
      System.Runtime (>= 4.3) - restriction: || (&& (== net462) (< net45)) (&& (== net462) (< portable-net45+win8+wp8+wpa81)) (== netcoreapp2.0)
      System.Text.Encoding (>= 4.3) - restriction: || (&& (== net462) (< net45)) (&& (== net462) (< portable-net45+win8+wp8+wpa81)) (== netcoreapp2.0)
      System.Threading.Tasks (>= 4.3) - restriction: || (&& (== net462) (< net45)) (&& (== net462) (< portable-net45+win8+wp8+wpa81)) (== netcoreapp2.0)
    System.IO.FileSystem (4.3) - restriction: || (&& (== net462) (< net46) (>= netstandard2.0)) (&& (== net462) (< netstandard1.3) (>= netstandard2.0)) (== netcoreapp2.0)
      Microsoft.NETCore.Platforms (>= 1.1) - restriction: || (&& (== net462) (< net46)) (== netcoreapp2.0)
      Microsoft.NETCore.Targets (>= 1.1) - restriction: || (&& (== net462) (< net46)) (== netcoreapp2.0)
      System.IO (>= 4.3) - restriction: || (&& (== net462) (< net46)) (== netcoreapp2.0)
      System.IO.FileSystem.Primitives (>= 4.3)
      System.Runtime (>= 4.3) - restriction: || (&& (== net462) (< net46)) (== netcoreapp2.0)
      System.Runtime.Handles (>= 4.3) - restriction: || (&& (== net462) (< net46)) (== netcoreapp2.0)
      System.Text.Encoding (>= 4.3) - restriction: || (&& (== net462) (< net46)) (== netcoreapp2.0)
      System.Threading.Tasks (>= 4.3) - restriction: || (&& (== net462) (< net46)) (== netcoreapp2.0)
    System.IO.FileSystem.Primitives (4.3) - restriction: || (&& (== net462) (< net46) (>= netstandard2.0)) (&& (== net462) (< netstandard1.3) (>= netstandard2.0)) (== netcoreapp2.0)
      System.Runtime (>= 4.3) - restriction: || (&& (== net462) (< net46)) (== netcoreapp2.0)
    System.Linq (4.3) - restriction: || (&& (== net462) (< net35) (>= net463)) (&& (== net462) (< net35) (< netstandard1.3)) (&& (== net462) (< net35) (>= netstandard1.6)) (== netcoreapp2.0)
      System.Collections (>= 4.3) - restriction: || (&& (== net462) (< net45)) (&& (== net462) (< portable-net45+win8+wp8+wpa81)) (== netcoreapp2.0)
      System.Diagnostics.Debug (>= 4.3) - restriction: || (&& (== net462) (< net45) (>= netstandard1.6)) (&& (== net462) (< portable-net45+win8+wp8+wpa81)) (== netcoreapp2.0)
      System.Resources.ResourceManager (>= 4.3) - restriction: || (&& (== net462) (< net45) (>= netstandard1.6)) (&& (== net462) (< portable-net45+win8+wp8+wpa81)) (== netcoreapp2.0)
      System.Runtime (>= 4.3) - restriction: || (&& (== net462) (< net45)) (&& (== net462) (< portable-net45+win8+wp8+wpa81)) (== netcoreapp2.0)
      System.Runtime.Extensions (>= 4.3) - restriction: || (&& (== net462) (< net45) (>= netstandard1.6)) (&& (== net462) (< portable-net45+win8+wp8+wpa81)) (== netcoreapp2.0)
    System.Management (4.5)
      Microsoft.NETCore.Platforms (>= 2.0) - restriction: || (&& (== net462) (>= netcoreapp2.0)) (== netcoreapp2.0)
      Microsoft.Win32.Registry (>= 4.5) - restriction: || (&& (== net462) (>= netcoreapp2.0)) (== netcoreapp2.0)
      System.CodeDom (>= 4.5) - restriction: || (&& (== net462) (< net45) (>= netstandard2.0)) (&& (== net462) (>= netcoreapp2.0)) (== netcoreapp2.0)
    System.Memory (4.5.1) - restriction: || (&& (== net462) (>= netcoreapp2.0)) (== netcoreapp2.0)
      System.Runtime.CompilerServices.Unsafe (>= 4.5)
    System.Reflection (4.3) - restriction: || (&& (== net462) (< net45) (>= netstandard2.0)) (&& (== net462) (>= netcoreapp1.1) (>= netstandard2.0)) (&& (== net462) (>= netstandard2.0) (< portable-net45+win8+wpa81)) (== netcoreapp2.0)
      Microsoft.NETCore.Platforms (>= 1.1) - restriction: || (&& (== net462) (< net45)) (&& (== net462) (< portable-net45+win8+wp8+wpa81)) (== netcoreapp2.0)
      Microsoft.NETCore.Targets (>= 1.1) - restriction: || (&& (== net462) (< net45)) (&& (== net462) (< portable-net45+win8+wp8+wpa81)) (== netcoreapp2.0)
      System.IO (>= 4.3) - restriction: || (&& (== net462) (< net45)) (&& (== net462) (< portable-net45+win8+wp8+wpa81)) (== netcoreapp2.0)
      System.Reflection.Primitives (>= 4.3) - restriction: || (&& (== net462) (< net45)) (&& (== net462) (< portable-net45+win8+wp8+wpa81)) (== netcoreapp2.0)
      System.Runtime (>= 4.3) - restriction: || (&& (== net462) (< net45)) (&& (== net462) (< portable-net45+win8+wp8+wpa81)) (== netcoreapp2.0)
    System.Reflection.Metadata (1.6) - restriction: || (&& (== net462) (< net46) (>= netstandard2.0)) (&& (== net462) (< netstandard1.3) (>= netstandard2.0)) (== netcoreapp2.0)
      System.Collections.Immutable (>= 1.5)
    System.Reflection.Primitives (4.3) - restriction: || (&& (== net462) (< net45) (>= netstandard2.0)) (&& (== net462) (>= netcoreapp1.1) (>= netstandard2.0)) (&& (== net462) (>= netstandard2.0) (< portable-net45+win8+wpa81)) (== netcoreapp2.0)
      Microsoft.NETCore.Platforms (>= 1.1) - restriction: || (&& (== net462) (< net45)) (&& (== net462) (< portable-net45+win8+wp8+wpa81)) (== netcoreapp2.0)
      Microsoft.NETCore.Targets (>= 1.1) - restriction: || (&& (== net462) (< net45)) (&& (== net462) (< portable-net45+win8+wp8+wpa81)) (== netcoreapp2.0)
      System.Runtime (>= 4.3) - restriction: || (&& (== net462) (< net45)) (&& (== net462) (< portable-net45+win8+wp8+wpa81)) (== netcoreapp2.0)
    System.Resources.ResourceManager (4.3) - restriction: || (&& (== net462) (< net35) (< netstandard1.3)) (&& (== net462) (< net35) (>= netstandard1.6)) (== netcoreapp2.0)
      Microsoft.NETCore.Platforms (>= 1.1) - restriction: || (&& (== net462) (< net45)) (&& (== net462) (< portable-net45+win8+wp8+wpa81)) (== netcoreapp2.0)
      Microsoft.NETCore.Targets (>= 1.1) - restriction: || (&& (== net462) (< net45)) (&& (== net462) (< portable-net45+win8+wp8+wpa81)) (== netcoreapp2.0)
      System.Globalization (>= 4.3) - restriction: || (&& (== net462) (< net45)) (&& (== net462) (< portable-net45+win8+wp8+wpa81)) (== netcoreapp2.0)
      System.Reflection (>= 4.3) - restriction: || (&& (== net462) (< net45)) (&& (== net462) (< portable-net45+win8+wp8+wpa81)) (== netcoreapp2.0)
      System.Runtime (>= 4.3) - restriction: || (&& (== net462) (< net45)) (&& (== net462) (< portable-net45+win8+wp8+wpa81)) (== netcoreapp2.0)
    System.Runtime (4.3) - restriction: || (&& (== net462) (< net46) (>= netstandard2.0)) (&& (== net462) (< netstandard1.3) (>= netstandard2.0)) (== netcoreapp2.0)
      Microsoft.NETCore.Platforms (>= 1.1) - restriction: || (&& (== net462) (< net45)) (&& (== net462) (< portable-net45+win8+wp8+wpa81)) (== netcoreapp2.0)
      Microsoft.NETCore.Targets (>= 1.1) - restriction: || (&& (== net462) (< net45)) (&& (== net462) (< portable-net45+win8+wp8+wpa81)) (== netcoreapp2.0)
    System.Runtime.CompilerServices.Unsafe (4.5.1) - restriction: || (&& (== net462) (>= netcoreapp2.0)) (== netcoreapp2.0)
    System.Runtime.Extensions (4.3) - restriction: || (&& (== net462) (< net46) (>= netstandard2.0)) (&& (== net462) (< netstandard1.3) (>= netstandard2.0)) (== netcoreapp2.0)
      Microsoft.NETCore.Platforms (>= 1.1) - restriction: || (&& (== net462) (< net45)) (&& (== net462) (< portable-net45+win8+wp8+wpa81)) (== netcoreapp2.0)
      Microsoft.NETCore.Targets (>= 1.1) - restriction: || (&& (== net462) (< net45)) (&& (== net462) (< portable-net45+win8+wp8+wpa81)) (== netcoreapp2.0)
      System.Runtime (>= 4.3) - restriction: || (&& (== net462) (< net45)) (&& (== net462) (< portable-net45+win8+wp8+wpa81)) (== netcoreapp2.0)
    System.Runtime.Handles (4.3) - restriction: || (&& (== net462) (< net46) (>= netstandard2.0)) (&& (== net462) (< netstandard1.3) (>= netstandard2.0)) (== netcoreapp2.0)
      Microsoft.NETCore.Platforms (>= 1.1) - restriction: || (&& (== net462) (< net46)) (== netcoreapp2.0)
      Microsoft.NETCore.Targets (>= 1.1) - restriction: || (&& (== net462) (< net46)) (== netcoreapp2.0)
      System.Runtime (>= 4.3) - restriction: || (&& (== net462) (< net46)) (== netcoreapp2.0)
    System.Runtime.InteropServices (4.3) - restriction: || (&& (== net462) (< net46) (>= netstandard2.0)) (== netcoreapp2.0)
      Microsoft.NETCore.Platforms (>= 1.1) - restriction: || (&& (== net462) (< net45)) (&& (== net462) (>= netcoreapp1.1)) (&& (== net462) (< portable-net45+win8+wpa81)) (== netcoreapp2.0)
      Microsoft.NETCore.Targets (>= 1.1) - restriction: || (&& (== net462) (< net45)) (&& (== net462) (>= netcoreapp1.1)) (&& (== net462) (< portable-net45+win8+wpa81)) (== netcoreapp2.0)
      System.Reflection (>= 4.3) - restriction: || (&& (== net462) (< net45)) (&& (== net462) (>= netcoreapp1.1)) (&& (== net462) (< portable-net45+win8+wpa81)) (== netcoreapp2.0)
      System.Reflection.Primitives (>= 4.3) - restriction: || (&& (== net462) (< net45)) (&& (== net462) (>= netcoreapp1.1)) (&& (== net462) (< portable-net45+win8+wpa81)) (== netcoreapp2.0)
      System.Runtime (>= 4.3)
      System.Runtime.Handles (>= 4.3) - restriction: || (&& (== net462) (< net45)) (&& (== net462) (>= netcoreapp1.1)) (&& (== net462) (< portable-net45+win8+wpa81)) (== netcoreapp2.0)
    System.Runtime.Numerics (4.3) - restriction: || (&& (== net462) (< net35) (>= netstandard1.6)) (== netcoreapp2.0)
      System.Globalization (>= 4.3) - restriction: || (&& (== net462) (< net45)) (&& (== net462) (< portable-net45+win8+wpa81)) (== netcoreapp2.0)
      System.Resources.ResourceManager (>= 4.3) - restriction: || (&& (== net462) (< net45)) (&& (== net462) (< portable-net45+win8+wpa81)) (== netcoreapp2.0)
      System.Runtime (>= 4.3) - restriction: || (&& (== net462) (< net45)) (&& (== net462) (< portable-net45+win8+wpa81)) (== netcoreapp2.0)
      System.Runtime.Extensions (>= 4.3) - restriction: || (&& (== net462) (< net45)) (&& (== net462) (< portable-net45+win8+wpa81)) (== netcoreapp2.0)
    System.Security.AccessControl (4.5) - restriction: || (&& (== net462) (>= netcoreapp2.0)) (== netcoreapp2.0)
      Microsoft.NETCore.Platforms (>= 2.0) - restriction: || (&& (== net462) (>= netcoreapp2.0)) (== netcoreapp2.0)
      System.Security.Principal.Windows (>= 4.5)
    System.Security.Cryptography.Algorithms (4.3.1) - restriction: || (&& (== net462) (< net35)) (== netcoreapp2.0)
      Microsoft.NETCore.Platforms (>= 1.1) - restriction: || (&& (== net462) (< net46) (>= netstandard1.6)) (&& (== net462) (< netstandard1.3)) (== netcoreapp2.0)
      runtime.native.System.Security.Cryptography.Apple (>= 4.3.1) - restriction: || (&& (== net462) (< net46) (>= netstandard1.6)) (== netcoreapp2.0)
      runtime.native.System.Security.Cryptography.OpenSsl (>= 4.3.2) - restriction: || (&& (== net462) (< net46) (>= netstandard1.6)) (== netcoreapp2.0)
      System.Collections (>= 4.3) - restriction: || (&& (== net462) (< net46) (>= netstandard1.6)) (== netcoreapp2.0)
      System.IO (>= 4.3) - restriction: || (&& (== net462) (< net46)) (&& (== net462) (>= net463)) (&& (== net462) (< netstandard1.3)) (== netcoreapp2.0)
      System.Resources.ResourceManager (>= 4.3) - restriction: || (&& (== net462) (< net46) (>= netstandard1.6)) (&& (== net462) (< netstandard1.3)) (== netcoreapp2.0)
      System.Runtime (>= 4.3) - restriction: || (&& (== net462) (< net46)) (&& (== net462) (>= net463)) (&& (== net462) (< netstandard1.3)) (== netcoreapp2.0)
      System.Runtime.Extensions (>= 4.3) - restriction: || (&& (== net462) (< net46) (>= netstandard1.6)) (&& (== net462) (< netstandard1.3)) (== netcoreapp2.0)
      System.Runtime.Handles (>= 4.3) - restriction: || (&& (== net462) (< net46) (>= netstandard1.6)) (&& (== net462) (< netstandard1.3)) (== netcoreapp2.0)
      System.Runtime.InteropServices (>= 4.3) - restriction: || (&& (== net462) (< net46) (>= netstandard1.6)) (&& (== net462) (< netstandard1.3)) (== netcoreapp2.0)
      System.Runtime.Numerics (>= 4.3) - restriction: || (&& (== net462) (< net46) (>= netstandard1.6)) (== netcoreapp2.0)
      System.Security.Cryptography.Encoding (>= 4.3) - restriction: || (&& (== net462) (< net46) (>= netstandard1.6)) (&& (== net462) (>= net463)) (&& (== net462) (< netstandard1.3)) (== netcoreapp2.0)
      System.Security.Cryptography.Primitives (>= 4.3)
      System.Text.Encoding (>= 4.3) - restriction: || (&& (== net462) (< net46) (>= netstandard1.6)) (&& (== net462) (< netstandard1.3)) (== netcoreapp2.0)
    System.Security.Cryptography.Csp (4.3) - restriction: || (&& (== net462) (< net35)) (== netcoreapp2.0)
      Microsoft.NETCore.Platforms (>= 1.1) - restriction: || (&& (== net462) (< net46)) (== netcoreapp2.0)
      System.IO (>= 4.3) - restriction: || (&& (== net462) (< net46)) (== netcoreapp2.0)
      System.Reflection (>= 4.3) - restriction: || (&& (== net462) (< net46)) (== netcoreapp2.0)
      System.Resources.ResourceManager (>= 4.3) - restriction: || (&& (== net462) (< net46)) (== netcoreapp2.0)
      System.Runtime (>= 4.3) - restriction: || (&& (== net462) (< net46)) (== netcoreapp2.0)
      System.Runtime.Extensions (>= 4.3) - restriction: || (&& (== net462) (< net46)) (== netcoreapp2.0)
      System.Runtime.Handles (>= 4.3) - restriction: || (&& (== net462) (< net46)) (== netcoreapp2.0)
      System.Runtime.InteropServices (>= 4.3) - restriction: || (&& (== net462) (< net46)) (== netcoreapp2.0)
      System.Security.Cryptography.Algorithms (>= 4.3)
      System.Security.Cryptography.Encoding (>= 4.3) - restriction: || (&& (== net462) (< net46)) (== netcoreapp2.0)
      System.Security.Cryptography.Primitives (>= 4.3)
      System.Text.Encoding (>= 4.3) - restriction: || (&& (== net462) (< net46)) (== netcoreapp2.0)
      System.Threading (>= 4.3) - restriction: || (&& (== net462) (< net46)) (== netcoreapp2.0)
    System.Security.Cryptography.Encoding (4.3) - restriction: || (&& (== net462) (< net35) (>= net463)) (&& (== net462) (< net35) (< netstandard1.3)) (&& (== net462) (< net35) (>= netstandard1.6)) (== netcoreapp2.0)
      Microsoft.NETCore.Platforms (>= 1.1) - restriction: || (&& (== net462) (< net46)) (== netcoreapp2.0)
      runtime.native.System.Security.Cryptography.OpenSsl (>= 4.3) - restriction: || (&& (== net462) (< net46)) (== netcoreapp2.0)
      System.Collections (>= 4.3) - restriction: || (&& (== net462) (< net46)) (== netcoreapp2.0)
      System.Collections.Concurrent (>= 4.3) - restriction: || (&& (== net462) (< net46)) (== netcoreapp2.0)
      System.Linq (>= 4.3) - restriction: || (&& (== net462) (< net46)) (== netcoreapp2.0)
      System.Resources.ResourceManager (>= 4.3) - restriction: || (&& (== net462) (< net46)) (== netcoreapp2.0)
      System.Runtime (>= 4.3) - restriction: || (&& (== net462) (< net46)) (== netcoreapp2.0)
      System.Runtime.Extensions (>= 4.3) - restriction: || (&& (== net462) (< net46)) (== netcoreapp2.0)
      System.Runtime.Handles (>= 4.3) - restriction: || (&& (== net462) (< net46)) (== netcoreapp2.0)
      System.Runtime.InteropServices (>= 4.3) - restriction: || (&& (== net462) (< net46)) (== netcoreapp2.0)
      System.Security.Cryptography.Primitives (>= 4.3) - restriction: || (&& (== net462) (< net46)) (== netcoreapp2.0)
      System.Text.Encoding (>= 4.3) - restriction: || (&& (== net462) (< net46)) (== netcoreapp2.0)
    System.Security.Cryptography.Primitives (4.3) - restriction: || (&& (== net462) (< net35)) (== netcoreapp2.0)
      System.Diagnostics.Debug (>= 4.3) - restriction: || (&& (== net462) (< net46)) (== netcoreapp2.0)
      System.Globalization (>= 4.3) - restriction: || (&& (== net462) (< net46)) (== netcoreapp2.0)
      System.IO (>= 4.3) - restriction: || (&& (== net462) (< net46)) (== netcoreapp2.0)
      System.Resources.ResourceManager (>= 4.3) - restriction: || (&& (== net462) (< net46)) (== netcoreapp2.0)
      System.Runtime (>= 4.3) - restriction: || (&& (== net462) (< net46)) (== netcoreapp2.0)
      System.Threading (>= 4.3) - restriction: || (&& (== net462) (< net46)) (== netcoreapp2.0)
      System.Threading.Tasks (>= 4.3) - restriction: || (&& (== net462) (< net46)) (== netcoreapp2.0)
    System.Security.Cryptography.ProtectedData (4.5) - restriction: || (&& (== net462) (< net45) (>= netstandard2.0)) (== netcoreapp2.0)
      System.Memory (>= 4.5) - restriction: || (&& (== net462) (< net46) (>= netstandard2.0)) (== netcoreapp2.0)
    System.Security.Permissions (4.5) - restriction: || (&& (== net462) (>= monoandroid) (>= netstandard2.0)) (&& (== net462) (>= monotouch) (>= netstandard2.0)) (&& (== net462) (< net45) (>= netstandard2.0)) (&& (== net462) (>= netstandard2.0) (>= xamarinios)) (&& (== net462) (>= netstandard2.0) (>= xamarinmac)) (&& (== net462) (>= netstandard2.0) (>= xamarintvos)) (&& (== net462) (>= netstandard2.0) (>= xamarinwatchos)) (== netcoreapp2.0)
      System.Security.AccessControl (>= 4.5)
    System.Security.Principal.Windows (4.5) - restriction: || (&& (== net462) (>= netcoreapp2.0)) (== netcoreapp2.0)
      Microsoft.NETCore.Platforms (>= 2.0) - restriction: || (&& (== net462) (>= netcoreapp2.0)) (== netcoreapp2.0)
    System.Text.Encoding (4.3) - restriction: || (&& (== net462) (< net45) (>= netstandard2.0)) (&& (== net462) (>= netstandard2.0) (< portable-net45+win8+wp8+wpa81)) (== netcoreapp2.0)
      Microsoft.NETCore.Platforms (>= 1.1) - restriction: || (&& (== net462) (< net45)) (&& (== net462) (< portable-net45+win8+wp8+wpa81)) (== netcoreapp2.0)
      Microsoft.NETCore.Targets (>= 1.1) - restriction: || (&& (== net462) (< net45)) (&& (== net462) (< portable-net45+win8+wp8+wpa81)) (== netcoreapp2.0)
      System.Runtime (>= 4.3) - restriction: || (&& (== net462) (< net45)) (&& (== net462) (< portable-net45+win8+wp8+wpa81)) (== netcoreapp2.0)
    System.Threading (4.3) - restriction: || (&& (== net462) (< net35)) (== netcoreapp2.0)
      System.Runtime (>= 4.3) - restriction: || (&& (== net462) (< net45)) (&& (== net462) (< portable-net45+win8+wp8+wpa81)) (== netcoreapp2.0)
      System.Threading.Tasks (>= 4.3) - restriction: || (&& (== net462) (< net45)) (&& (== net462) (< portable-net45+win8+wp8+wpa81)) (== netcoreapp2.0)
    System.Threading.Tasks (4.3) - restriction: || (&& (== net462) (< net45) (>= netstandard2.0)) (&& (== net462) (>= netstandard2.0) (< portable-net45+win8+wp8+wpa81)) (== netcoreapp2.0)
      Microsoft.NETCore.Platforms (>= 1.1) - restriction: || (&& (== net462) (< net45)) (&& (== net462) (< portable-net45+win8+wp8+wpa81)) (== netcoreapp2.0)
      Microsoft.NETCore.Targets (>= 1.1) - restriction: || (&& (== net462) (< net45)) (&& (== net462) (< portable-net45+win8+wp8+wpa81)) (== netcoreapp2.0)
      System.Runtime (>= 4.3) - restriction: || (&& (== net462) (< net45)) (&& (== net462) (< portable-net45+win8+wp8+wpa81)) (== netcoreapp2.0)
