NUGET
  remote: https://www.nuget.org/api/v2
  specs:
    System.Management.Automation_PowerShell_3.0 (6.3.9600.17400)
GITHUB
  remote: fsprojects/FSharp.TypeProviders.StarterPack
  specs:
    src/ProvidedTypes.fs (ddfb906ecbac78dc9f0f5e172518a72cb5fdf651)
    src/ProvidedTypes.fsi (ddfb906ecbac78dc9f0f5e172518a72cb5fdf651)
GROUP Build
NUGET
  remote: https://www.nuget.org/api/v2
  specs:
    FAKE (4.23.5)
    FSharp.Compiler.Service (2.0.0.8)
    FSharp.Formatting (2.14)
      FSharp.Compiler.Service (>= 2.0.0.3 < 2.1)
      FSharpVSPowerTools.Core (>= 2.3 < 2.4)
    FSharpVSPowerTools.Core (2.3)
      FSharp.Compiler.Service (>= 2.0.0.3)
    NuGet.CommandLine (3.3)
    SourceLink.Fake (1.1)

GROUP Test
NUGET
  remote: https://www.nuget.org/api/v2
  specs:
    NUnit (3.2)
    NUnit.Console (3.2.0.1)
      NUnit.ConsoleRunner (3.2)
      NUnit.Extension.NUnitProjectLoader (3.2)
      NUnit.Extension.NUnitV2Driver (3.2)
      NUnit.Extension.NUnitV2ResultWriter (3.2)
      NUnit.Extension.VSProjectLoader (3.2)
    NUnit.ConsoleRunner (3.2)
    NUnit.Extension.NUnitProjectLoader (3.2)
    NUnit.Extension.NUnitV2Driver (3.2)
    NUnit.Extension.NUnitV2ResultWriter (3.2)
    NUnit.Extension.VSProjectLoader (3.2)
GITHUB
  remote: fsprojects/FsUnit
  specs:
    src/FsUnit.NUnit/FsUnitTyped.fs (43086ca8981c7642c1067ad5e9de80caf73ba4ec)